GEM
  remote: https://rubygems.org/
  specs:
    ast (2.3.0)
    ffi (1.9.18)
    gssapi (1.2.0)
      ffi (>= 1.0.1)
    parallel (1.12.0)
    parser (2.4.0.0)
      ast (~> 2.2)
    powerpack (0.1.1)
    rainbow (2.2.2)
      rake
    rake (12.0.0)
    rethinkdb (2.3.0.2)
    rubocop (0.49.1)
      parallel (~> 1.10)
      parser (>= 2.3.3.1, < 3.0)
      powerpack (~> 0.1)
      rainbow (>= 1.99.1, < 3.0)
      ruby-progressbar (~> 1.7)
      unicode-display_width (~> 1.0, >= 1.0.1)
    ruby-kafka (0.4.0)
      gssapi (>= 1.2.0)
    ruby-progressbar (1.8.1)
    unicode-display_width (1.3.0)

PLATFORMS
  ruby

DEPENDENCIES
  rake (~> 12.0.0)
  rethinkdb (~> 2.3.0.2)
  rubocop (~> 0.49.1)
  ruby-kafka (~> 0.4.0)

BUNDLED WITH
   1.15.3
